GEM
  remote: https://rubygems.org/
  specs:
    aws-sdk (2.6.19)
      aws-sdk-resources (= 2.6.19)
    aws-sdk-core (2.6.19)
      jmespath (~> 1.0)
    aws-sdk-resources (2.6.19)
      aws-sdk-core (= 2.6.19)
    docker-api (1.32.1)
      excon (>= 0.38.0)
      json
    excon (0.54.0)
    ffi (1.9.14)
    filewatcher (0.5.3)
      trollop (~> 2.0)
    jmespath (1.3.1)
    json (2.0.2)
    sys-filesystem (1.1.7)
      ffi
    trollop (2.1.2)

PLATFORMS
  ruby

DEPENDENCIES
  aws-sdk
  docker-api
  filewatcher
  sys-filesystem

BUNDLED WITH
   1.12.5
